GEM
  remote: https://rubygems.org/
  specs:
    CFPropertyList (3.0.7)
      base64
      nkf
      rexml
    OptionParser (0.5.1)
    atomos (0.1.3)
    base64 (0.2.0)
    claide (1.1.0)
    colored2 (3.1.2)
    nanaimo (0.3.0)
    nkf (0.2.0)
    pastel (0.8.0)
      tty-color (~> 0.5)
    rexml (3.2.9)
      strscan
    strscan (3.1.0)
    tty-color (0.6.0)
    tty-cursor (0.7.1)
    tty-prompt (0.23.1)
      pastel (~> 0.8)
      tty-reader (~> 0.8)
    tty-reader (0.9.0)
      tty-cursor (~> 0.7)
      tty-screen (~> 0.8)
      wisper (~> 2.0)
    tty-screen (0.8.2)
    wisper (2.0.1)
    xcodeproj (1.24.0)
      CFPropertyList (>= 2.3.3, < 4.0)
      atomos (~> 0.1.3)
      claide (>= 1.0.2, < 2.0)
      colored2 (~> 3.1)
      nanaimo (~> 0.3.0)
      rexml (~> 3.2.4)
    yaml (0.3.0)

PLATFORMS
  arm64-darwin-22
  ruby

DEPENDENCIES
  OptionParser
  tty-prompt
  xcodeproj
  yaml

BUNDLED WITH
   2.5.11
